GEM
  remote: https://rubygems.org/
  specs:
    atk (3.2.1)
      glib2 (= 3.2.1)
    cairo (1.15.11)
      native-package-installer (>= 1.0.3)
      pkg-config (>= 1.2.2)
    cairo-gobject (3.2.1)
      cairo
      glib2 (= 3.2.1)
    digest (0.1.0)
    gdk3 (3.2.1)
      cairo-gobject (= 3.2.1)
      gdk_pixbuf2 (= 3.2.1)
      gobject-introspection (= 3.2.1)
      pango (= 3.2.1)
    gdk_pixbuf2 (3.2.1)
      gio2 (= 3.2.1)
    gio2 (3.2.1)
      glib2 (= 3.2.1)
      gobject-introspection (= 3.2.1)
    glib2 (3.2.1)
      native-package-installer (>= 1.0.3)
      pkg-config (>= 1.2.2)
    gobject-introspection (3.2.1)
      glib2 (= 3.2.1)
    gtk3 (3.2.1)
      atk (= 3.2.1)
      gdk3 (= 3.2.1)
      gdk_pixbuf2 (= 3.2.1)
      gio2 (= 3.2.1)
      glib2 (= 3.2.1)
      gobject-introspection (= 3.2.1)
      pango (= 3.2.1)
    minitest (5.11.3)
    native-package-installer (1.0.6)
    pango (3.2.1)
      cairo (>= 1.14.0)
      cairo-gobject (= 3.2.1)
      gobject-introspection (= 3.2.1)
    pkg-config (1.2.9)
    rake (12.3.0)
    thread (0.2.2)

PLATFORMS
  ruby

DEPENDENCIES
  digest!
  gtk3!
  minitest!
  rake!
  thread!

BUNDLED WITH
   1.16.0
